GEM
  remote: https://rubygems.org/
  specs:
    activesupport (4.2.9)
      i18n (~> 0.7)
      minitest (~> 5.1)
      thread_safe (~> 0.3, >= 0.3.4)
      tzinfo (~> 1.1)
    addressable (2.3.8)
    colorator (0.1)
    faraday (0.9.2)
      multipart-post (>= 1.2, < 3)
    ffi (1.9.10)
    gemoji (3.0.0)
    html-pipeline (2.6.0)
      activesupport (>= 2)
      nokogiri (>= 1.4)
    i18n (0.8.4)
    jekyll (3.1.1)
      colorator (~> 0.1)
      jekyll-sass-converter (~> 1.0)
      jekyll-watch (~> 1.1)
      kramdown (~> 1.3)
      liquid (~> 3.0)
      mercenary (~> 0.3.3)
      rouge (~> 1.7)
      safe_yaml (~> 1.0)
    jekyll-gist (1.4.0)
      octokit (~> 4.2)
    jekyll-sass-converter (1.4.0)
      sass (~> 3.4)
    jekyll-sitemap (0.10.0)
    jekyll-watch (1.3.1)
      listen (~> 3.0)
    jemoji (0.8.0)
      activesupport (~> 4.0)
      gemoji (~> 3.0)
      html-pipeline (~> 2.2)
      jekyll (>= 3.0)
    kramdown (1.9.0)
    liquid (3.0.6)
    listen (3.0.5)
      rb-fsevent (>= 0.9.3)
      rb-inotify (>= 0.9)
    mercenary (0.3.5)
    mini_portile2 (2.2.0)
    minitest (5.10.2)
    multipart-post (2.0.0)
    nokogiri (1.8.0)
      mini_portile2 (~> 2.2.0)
    octokit (4.2.0)
      sawyer (~> 0.6.0, >= 0.5.3)
    octopress (3.0.11)
      jekyll (>= 2.0)
      mercenary (~> 0.3.2)
      octopress-deploy
      octopress-escape-code (~> 2.0)
      octopress-hooks (~> 2.0)
      redcarpet (~> 3.0)
      titlecase
    octopress-deploy (1.3.0)
      colorator
    octopress-escape-code (2.1.1)
      jekyll (~> 3.0)
    octopress-hooks (2.6.1)
      jekyll (>= 2.0)
    rb-fsevent (0.9.7)
    rb-inotify (0.9.5)
      ffi (>= 0.5.0)
    redcarpet (3.3.4)
    rouge (1.10.1)
    safe_yaml (1.0.4)
    sass (3.4.21)
    sawyer (0.6.0)
      addressable (~> 2.3.5)
      faraday (~> 0.8, < 0.10)
    thread_safe (0.3.6)
    titlecase (0.1.1)
    tzinfo (1.2.3)
      thread_safe (~> 0.1)

PLATFORMS
  ruby

DEPENDENCIES
  jekyll (~> 3.0)
  jekyll-gist
  jekyll-sitemap
  jemoji
  octopress

BUNDLED WITH
   1.12.5
